GEM
  remote: http://rubygems.org/
  specs:
    awesome_print (1.1.0)
    builder (3.1.4)
    diff-lcs (1.1.3)
    nas-yahoo_stock (1.0.8)
      builder (>= 2.1.2)
    rspec (2.12.0)
      rspec-core (~> 2.12.0)
      rspec-expectations (~> 2.12.0)
      rspec-mocks (~> 2.12.0)
    rspec-core (2.12.2)
    rspec-expectations (2.12.1)
      diff-lcs (~> 1.1.3)
    rspec-mocks (2.12.1)

PLATFORMS
  ruby

DEPENDENCIES
  awesome_print
  nas-yahoo_stock
  rspec
